PATH
  remote: .
  specs:
    revs-utils (0.0.1)
      countries
      rdf

GEM
  remote: http://rubygems.org/
  remote: http://sul-gems.stanford.edu/
  specs:
    addressable (2.3.5)
    countries (0.9.2)
      currencies (>= 0.4.0)
    currencies (0.4.2)
    diff-lcs (1.2.4)
    lyberteam-gems-devel (1.0.1)
      rake (>= 0.8.7)
      rest-client
    mime-types (1.25)
    rake (10.1.0)
    rdf (1.0.9)
      addressable (>= 2.3)
    rest-client (1.6.7)
      mime-types (>= 1.16)
    rspec (2.14.1)
      rspec-core (~> 2.14.0)
      rspec-expectations (~> 2.14.0)
      rspec-mocks (~> 2.14.0)
    rspec-core (2.14.6)
    rspec-expectations (2.14.3)
      diff-lcs (>= 1.1.3, < 2.0)
    rspec-mocks (2.14.4)
    yard (0.8.7.2)

PLATFORMS
  ruby

DEPENDENCIES
  lyberteam-gems-devel (> 1.0.0)
  revs-utils!
  rspec (~> 2.6)
  yard
