PATH
  remote: .
  specs:
    revs-utils (2.0.4)
      actionpack (~> 4.1.6)
      countries (= 0.9.2)
      rdf

GEM
  remote: http://rubygems.org/
  remote: http://sul-gems.stanford.edu/
  specs:
    actionpack (4.1.9)
      actionview (= 4.1.9)
      activesupport (= 4.1.9)
      rack (~> 1.5.2)
      rack-test (~> 0.6.2)
    actionview (4.1.9)
      activesupport (= 4.1.9)
      builder (~> 3.1)
      erubis (~> 2.7.0)
    activesupport (4.1.9)
      i18n (~> 0.6, >= 0.6.9)
      json (~> 1.7, >= 1.7.7)
      minitest (~> 5.1)
      thread_safe (~> 0.1)
      tzinfo (~> 1.1)
    builder (3.2.2)
    countries (0.9.2)
      currencies (>= 0.4.0)
    currencies (0.4.2)
    diff-lcs (1.2.5)
    erubis (2.7.0)
    i18n (0.7.0)
    json (1.8.2)
    link_header (0.0.8)
    lyberteam-gems-devel (1.0.1)
      rake (>= 0.8.7)
      rest-client
    mime-types (2.3)
    minitest (5.5.1)
    netrc (0.7.7)
    rack (1.5.2)
    rack-test (0.6.3)
      rack (>= 1.0)
    rake (10.3.2)
    rdf (1.1.7)
      link_header (~> 0.0, >= 0.0.8)
    rest-client (1.7.2)
      mime-types (>= 1.16, < 3.0)
      netrc (~> 0.7)
    rspec (2.99.0)
      rspec-core (~> 2.99.0)
      rspec-expectations (~> 2.99.0)
      rspec-mocks (~> 2.99.0)
    rspec-core (2.99.2)
    rspec-expectations (2.99.2)
      diff-lcs (>= 1.1.3, < 2.0)
    rspec-mocks (2.99.2)
    thread_safe (0.3.4)
    tzinfo (1.2.2)
      thread_safe (~> 0.1)
    yard (0.8.7.4)

PLATFORMS
  ruby

DEPENDENCIES
  lyberteam-gems-devel (> 1.0.0)
  revs-utils!
  rspec (~> 2.6)
  yard
