PATH
  remote: .
  specs:
    revs-utils (0.0.3)
      actionpack (~> 3)
      countries
      rdf

GEM
  remote: http://rubygems.org/
  remote: http://sul-gems.stanford.edu/
  specs:
    actionpack (3.2.15)
      activemodel (= 3.2.15)
      activesupport (= 3.2.15)
      builder (~> 3.0.0)
      erubis (~> 2.7.0)
      journey (~> 1.0.4)
      rack (~> 1.4.5)
      rack-cache (~> 1.2)
      rack-test (~> 0.6.1)
      sprockets (~> 2.2.1)
    activemodel (3.2.15)
      activesupport (= 3.2.15)
      builder (~> 3.0.0)
    activesupport (3.2.15)
      i18n (~> 0.6, >= 0.6.4)
      multi_json (~> 1.0)
    addressable (2.3.5)
    builder (3.0.4)
    countries (0.9.2)
      currencies (>= 0.4.0)
    currencies (0.4.2)
    diff-lcs (1.2.4)
    erubis (2.7.0)
    hike (1.2.3)
    i18n (0.6.5)
    journey (1.0.4)
    lyberteam-gems-devel (1.0.1)
      rake (>= 0.8.7)
      rest-client
    mime-types (1.25)
    multi_json (1.8.2)
    rack (1.4.5)
    rack-cache (1.2)
      rack (>= 0.4)
    rack-test (0.6.2)
      rack (>= 1.0)
    rake (10.1.0)
    rdf (1.0.9)
      addressable (>= 2.3)
    rest-client (1.6.7)
      mime-types (>= 1.16)
    rspec (2.14.1)
      rspec-core (~> 2.14.0)
      rspec-expectations (~> 2.14.0)
      rspec-mocks (~> 2.14.0)
    rspec-core (2.14.6)
    rspec-expectations (2.14.3)
      diff-lcs (>= 1.1.3, < 2.0)
    rspec-mocks (2.14.4)
    sprockets (2.2.2)
      hike (~> 1.2)
      multi_json (~> 1.0)
      rack (~> 1.0)
      tilt (~> 1.1, != 1.3.0)
    tilt (1.4.1)
    yard (0.8.7.2)

PLATFORMS
  ruby

DEPENDENCIES
  lyberteam-gems-devel (> 1.0.0)
  revs-utils!
  rspec (~> 2.6)
  yard
